GIT
  remote: git@github.com:Shopify/capistrano-recipes
  revision: bfa3ac5b960c13a2f4313be666f7ecc68d69737c
  ref: bfa3ac5b960c13a2f4313be666f7ecc68d69737c
  specs:
    capistrano-recipes (1.0.0)
      activesupport (>= 3.0.0)
      capistrano (~> 2.15.5)
      i18n (>= 0.6.9)
      json (>= 1.8.1)

GEM
  remote: https://rubygems.org/
  specs:
    activesupport (4.0.3)
      i18n (~> 0.6, >= 0.6.4)
      minitest (~> 4.2)
      multi_json (~> 1.3)
      thread_safe (~> 0.1)
      tzinfo (~> 0.3.37)
    atomic (1.1.15)
    capistrano (2.15.5)
      highline
      net-scp (>= 1.0.0)
      net-sftp (>= 2.0.0)
      net-ssh (>= 2.0.14)
      net-ssh-gateway (>= 1.1.0)
    highline (1.6.21)
    i18n (0.6.9)
    json (1.8.1)
    minitest (4.7.5)
    multi_json (1.9.0)
    net-scp (1.1.2)
      net-ssh (>= 2.6.5)
    net-sftp (2.1.2)
      net-ssh (>= 2.6.5)
    net-ssh (2.8.0)
    net-ssh-gateway (1.2.0)
      net-ssh (>= 2.6.5)
    thread_safe (0.2.0)
      atomic (>= 1.1.7, < 2)
    tzinfo (0.3.39)

PLATFORMS
  ruby

DEPENDENCIES
  capistrano (~> 2)
  capistrano-recipes!
